GIT
  remote: git://github.com/alno/rayo.git
  revision: 34ec7fd085172e583e0699a6f5d5c9ef08c96ccc
  specs:
    rayo (0.3.1)
      erubis
      radius
      sinatra (>= 1.1.0)

GIT
  remote: git://github.com/jlong/radius.git
  revision: 17972eeaa0b913c44881b598d3133c9d90410e6f
  tag: external-namespace-parse-fix
  specs:
    radius (0.7.0.prerelease)

GEM
  remote: http://rubygems.org/
  specs:
    RedCloth (4.2.7)
    abstract (1.0.0)
    erubis (2.6.6)
      abstract (>= 1.0.0)
    kgio (2.3.2)
    rack (1.2.1)
    rack-rewrite (1.0.2)
    sinatra (1.1.3)
      rack (~> 1.1)
      tilt (>= 1.2.2, < 2.0)
    tilt (1.2.2)
    unicorn (3.4.0)
      kgio (~> 2.2)
      rack
    xml-magic (0.1.1)

PLATFORMS
  ruby

DEPENDENCIES
  RedCloth
  rack-rewrite (~> 1.0.0)
  radius!
  rayo!
  unicorn
  xml-magic
