GIT
  remote: git://github.com/alno/rayo.git
  revision: d9d5f4b267183da8d97c148a8a2719ba1b575813
  specs:
    rayo (0.3.0)
      erubis
      radius
      sinatra (>= 1.1.0)

GIT
  remote: git://github.com/jlong/radius.git
  revision: 17972eeaa0b913c44881b598d3133c9d90410e6f
  tag: external-namespace-parse-fix
  specs:
    radius (0.7.0.prerelease)

GEM
  remote: http://rubygems.org/
  specs:
    RedCloth (4.2.3)
    abstract (1.0.0)
    erubis (2.6.6)
      abstract (>= 1.0.0)
    rack (1.2.1)
    rack-rewrite (1.0.2)
    sinatra (1.1.0)
      rack (~> 1.1)
      tilt (~> 1.1)
    tilt (1.1)

PLATFORMS
  ruby

DEPENDENCIES
  RedCloth
  rack-rewrite (~> 1.0.0)
  radius!
  rayo!
